GEM
  remote: https://rubygems.org/
  specs:
    rack (2.2.6.2)

PLATFORMS
  x86_64-linux

DEPENDENCIES
  rack

RUBY VERSION
   ruby 3.1.1p18

BUNDLED WITH
   2.3.7
